GEM
  remote: https://rubygems.org/
  specs:
    addressable (2.8.5)
      public_suffix (>= 2.0.2, < 6.0)
    ast (2.4.2)
    aws-eventstream (1.2.0)
    aws-partitions (1.837.0)
    aws-sdk-core (3.185.1)
      aws-eventstream (~> 1, >= 1.0.2)
      aws-partitions (~> 1, >= 1.651.0)
      aws-sigv4 (~> 1.5)
      jmespath (~> 1, >= 1.6.1)
    aws-sdk-kms (1.72.0)
      aws-sdk-core (~> 3, >= 3.184.0)
      aws-sigv4 (~> 1.1)
    aws-sdk-s3 (1.136.0)
      aws-sdk-core (~> 3, >= 3.181.0)
      aws-sdk-kms (~> 1)
      aws-sigv4 (~> 1.6)
    aws-sigv4 (1.6.0)
      aws-eventstream (~> 1, >= 1.0.2)
    base64 (0.1.1)
    diff-lcs (1.5.0)
    jmespath (1.6.2)
    json (2.6.3)
    jwt (2.7.1)
    language_server-protocol (3.17.0.3)
    mini_portile2 (2.8.4)
    nokogiri (1.15.4)
      mini_portile2 (~> 2.8.2)
      racc (~> 1.4)
    onlyoffice_bugzilla_helper (0.6.1)
    onlyoffice_documentserver_conversion_helper (0.5.0)
      jwt (~> 2)
    onlyoffice_file_helper (1.1.0)
      onlyoffice_logger_helper (~> 1)
      rubyzip (~> 2)
    onlyoffice_logger_helper (1.3.0)
    onlyoffice_s3_wrapper (1.0.0)
      aws-sdk-s3 (~> 1)
      onlyoffice_file_helper (< 2)
    onlyoffice_testrail_wrapper (0.4.0)
      onlyoffice_bugzilla_helper (~> 0.1)
      onlyoffice_file_helper (< 2)
      onlyoffice_logger_helper (~> 1)
    ooxml_decrypt (1.0.0)
      nokogiri (~> 1.10)
      ruby-ole (~> 1.2)
    ooxml_parser (0.37.1)
      nokogiri (~> 1)
      ooxml_decrypt (~> 1)
      rubyzip (~> 2)
    palladium (1.1.0)
    parallel (1.23.0)
    parser (3.2.2.4)
      ast (~> 2.4.1)
      racc
    public_suffix (5.0.3)
    racc (1.7.1)
    rainbow (3.1.1)
    regexp_parser (2.8.2)
    rexml (3.2.6)
    rspec (3.12.0)
      rspec-core (~> 3.12.0)
      rspec-expectations (~> 3.12.0)
      rspec-mocks (~> 3.12.0)
    rspec-core (3.12.2)
      rspec-support (~> 3.12.0)
    rspec-expectations (3.12.3)
      diff-lcs (>= 1.2.0, < 2.0)
      rspec-support (~> 3.12.0)
    rspec-mocks (3.12.6)
      diff-lcs (>= 1.2.0, < 2.0)
      rspec-support (~> 3.12.0)
    rspec-support (3.12.1)
    rspec_passed_time_formatter (0.2.0)
    rubocop (1.57.0)
      base64 (~> 0.1.1)
      json (~> 2.3)
      language_server-protocol (>= 3.17.0)
      parallel (~> 1.10)
      parser (>= 3.2.2.4)
      rainbow (>= 2.2.2, < 4.0)
      regexp_parser (>= 1.8, < 3.0)
      rexml (>= 3.2.5, < 4.0)
      rubocop-ast (>= 1.28.1, < 2.0)
      ruby-progressbar (~> 1.7)
      unicode-display_width (>= 2.4.0, < 3.0)
    rubocop-ast (1.29.0)
      parser (>= 3.2.1.0)
    rubocop-capybara (2.19.0)
      rubocop (~> 1.41)
    rubocop-factory_bot (2.24.0)
      rubocop (~> 1.33)
    rubocop-performance (1.19.1)
      rubocop (>= 1.7.0, < 2.0)
      rubocop-ast (>= 0.4.0)
    rubocop-rspec (2.24.1)
      rubocop (~> 1.33)
      rubocop-capybara (~> 2.17)
      rubocop-factory_bot (~> 2.22)
    ruby-ole (1.2.12.2)
    ruby-progressbar (1.13.0)
    rubyzip (2.3.2)
    unicode-display_width (2.5.0)

PLATFORMS
  ruby

DEPENDENCIES
  addressable
  json
  onlyoffice_documentserver_conversion_helper
  onlyoffice_logger_helper
  onlyoffice_s3_wrapper (>= 0.6.0)
  onlyoffice_testrail_wrapper
  ooxml_parser
  palladium
  rspec
  rspec_passed_time_formatter
  rubocop
  rubocop-performance
  rubocop-rspec

BUNDLED WITH
   2.3.6
