GIT
  remote: https://github.com/flaminestone/palladium.git
  revision: 2f9213f48997c4faeadc94aeebdb9b6253dcf983
  specs:
    palladium (0.3.4)

GEM
  remote: https://rubygems.org/
  specs:
    addressable (2.7.0)
      public_suffix (>= 2.0.2, < 5.0)
    ast (2.4.2)
    aws-eventstream (1.1.0)
    aws-partitions (1.429.0)
    aws-sdk-core (3.112.0)
      aws-eventstream (~> 1, >= 1.0.2)
      aws-partitions (~> 1, >= 1.239.0)
      aws-sigv4 (~> 1.1)
      jmespath (~> 1.0)
    aws-sdk-kms (1.42.0)
      aws-sdk-core (~> 3, >= 3.112.0)
      aws-sigv4 (~> 1.1)
    aws-sdk-s3 (1.88.2)
      aws-sdk-core (~> 3, >= 3.112.0)
      aws-sdk-kms (~> 1)
      aws-sigv4 (~> 1.1)
    aws-sigv4 (1.2.2)
      aws-eventstream (~> 1, >= 1.0.2)
    diff-lcs (1.4.4)
    jmespath (1.4.0)
    jwt (2.2.2)
    onlyoffice_bugzilla_helper (0.5.0)
    onlyoffice_documentserver_conversion_helper (0.2.0)
      jwt (~> 2)
    onlyoffice_file_helper (0.4.0)
      onlyoffice_logger_helper (~> 1)
      rubyzip (~> 2)
    onlyoffice_logger_helper (1.1.0)
    onlyoffice_s3_wrapper (0.4.0)
      aws-sdk-s3 (~> 1)
      onlyoffice_file_helper (~> 0)
    onlyoffice_testrail_wrapper (0.2.0)
      onlyoffice_bugzilla_helper (~> 0.1)
      onlyoffice_logger_helper (~> 1)
    parallel (1.20.1)
    parser (3.0.0.0)
      ast (~> 2.4.1)
    public_suffix (4.0.6)
    rainbow (3.0.0)
    regexp_parser (2.1.1)
    rexml (3.2.4)
    rspec (3.10.0)
      rspec-core (~> 3.10.0)
      rspec-expectations (~> 3.10.0)
      rspec-mocks (~> 3.10.0)
    rspec-core (3.10.1)
      rspec-support (~> 3.10.0)
    rspec-expectations (3.10.1)
      diff-lcs (>= 1.2.0, < 2.0)
      rspec-support (~> 3.10.0)
    rspec-mocks (3.10.2)
      diff-lcs (>= 1.2.0, < 2.0)
      rspec-support (~> 3.10.0)
    rspec-support (3.10.2)
    rspec_passed_time_formatter (0.2.0)
    rubocop (1.10.0)
      parallel (~> 1.10)
      parser (>= 3.0.0.0)
      rainbow (>= 2.2.2, < 4.0)
      regexp_parser (>= 1.8, < 3.0)
      rexml
      rubocop-ast (>= 1.2.0, < 2.0)
      ruby-progressbar (~> 1.7)
      unicode-display_width (>= 1.4.0, < 3.0)
    rubocop-ast (1.4.1)
      parser (>= 2.7.1.5)
    rubocop-performance (1.10.0)
      rubocop (>= 0.90.0, < 2.0)
      rubocop-ast (>= 0.4.0)
    rubocop-rspec (2.2.0)
      rubocop (~> 1.0)
      rubocop-ast (>= 1.1.0)
    ruby-progressbar (1.11.0)
    rubyzip (2.3.0)
    unicode-display_width (2.0.0)

PLATFORMS
  ruby

DEPENDENCIES
  addressable
  onlyoffice_documentserver_conversion_helper
  onlyoffice_logger_helper
  onlyoffice_s3_wrapper
  onlyoffice_testrail_wrapper
  palladium!
  rspec
  rspec_passed_time_formatter
  rubocop
  rubocop-performance
  rubocop-rspec

BUNDLED WITH
   2.2.11
